GEM
  remote: https://rubygems.org/
  specs:
    highline (1.6.21)
    httparty (0.13.1)
      json (~> 1.8)
      multi_xml (>= 0.5.2)
    json (1.8.1)
    multi_xml (0.5.5)
    parallel (1.3.2)
    spinning_cursor (0.3.0)
      highline (~> 1.6.19)
    terminal-table (1.4.5)

PLATFORMS
  ruby

DEPENDENCIES
  httparty
  parallel
  spinning_cursor
  terminal-table
